PATH
  remote: .
  specs:
    iptoasn-data (1.2025.3)
      iptoasn (~> 1.1.0)

GEM
  remote: https://rubygems.org/
  specs:
    iptoasn (1.1.0)

PLATFORMS
  arm64-darwin-23
  ruby

DEPENDENCIES
  iptoasn-data!

BUNDLED WITH
   2.5.3
